GEM
  remote: https://rubygems.org/
  specs:
    color (1.4.2)
    fxruby (1.6.28)
    pdf-writer (1.1.8)
      color (>= 1.4.0)
      transaction-simple (~> 1.3)
    rake (10.1.1)
    rake-compiler (0.7.9)
      rake
    transaction-simple (1.4.0.2)

PLATFORMS
  ruby

DEPENDENCIES
  fxruby (~> 1.6.0)
  pdf-writer (~> 1.1.1)
  rake-compiler (~> 0.7.1)
